GEM
  remote: https://gems.ruby-china.org/
  specs:
    mini_portile2 (2.3.0)
    nokogiri (1.8.2)
      mini_portile2 (~> 2.3.0)
    rake (12.3.1)

PLATFORMS
  ruby

DEPENDENCIES
  nokogiri (~> 1.6, >= 1.6.8)
  rake (~> 12.3)

BUNDLED WITH
   1.16.1
